GIT
  remote: git@github.com:Carburetor/carb-core.git
  revision: cb9e5db49a7e021f1c727863a66d575aad64d9c9
  tag: v0.1.0
  specs:
    carb-core (0.1.0)

GIT
  remote: git@github.com:Carburetor/carb-flow.git
  revision: fb3219de29a1277532e15d9490ee4f0995f1d5e3
  tag: v0.1.0
  specs:
    carb-flow (0.1.0)
      wisper

GIT
  remote: git@github.com:Carburetor/carb-inject.git
  revision: c2c462273700bbf5853da5498d750153594405e5
  tag: v0.2.0
  specs:
    carb-inject (0.2.0)

GIT
  remote: git@github.com:Carburetor/carb-service.git
  revision: 403d0d647e098731b310a96cc7c69ed09a5b9bb2
  tag: v0.1.0
  specs:
    carb-service (0.1.0)
      dry-matcher
      dry-monads

GEM
  remote: https://rubygems.org/
  specs:
    byebug (9.0.6)
    coderay (1.1.1)
    dry-equalizer (0.2.0)
    dry-matcher (0.6.0)
    dry-monads (0.2.1)
      dry-equalizer
    method_source (0.8.2)
    pry (0.10.4)
      coderay (~> 1.1.0)
      method_source (~> 0.8.1)
      slop (~> 3.4)
    pry-byebug (3.4.2)
      byebug (~> 9.0)
      pry (~> 0.10)
    slop (3.6.0)
    wisper (1.6.1)

PLATFORMS
  ruby

DEPENDENCIES
  carb-core!
  carb-flow!
  carb-inject!
  carb-service!
  pry-byebug

BUNDLED WITH
   1.13.6
