PATH
  remote: ../../carb-core
  specs:
    carb-core (0.1.0)

PATH
  remote: ../../carb-flow
  specs:
    carb-flow (0.1.0)
      wisper

PATH
  remote: ../../carb-inject
  specs:
    carb-inject (0.2.0)

PATH
  remote: ../../carb-service
  specs:
    carb-service (0.1.0)
      dry-matcher
      dry-monads

GEM
  remote: https://rubygems.org/
  specs:
    byebug (9.0.6)
    coderay (1.1.1)
    dry-equalizer (0.2.0)
    dry-matcher (0.6.0)
    dry-monads (0.2.1)
      dry-equalizer
    method_source (0.8.2)
    pry (0.10.4)
      coderay (~> 1.1.0)
      method_source (~> 0.8.1)
      slop (~> 3.4)
    pry-byebug (3.4.2)
      byebug (~> 9.0)
      pry (~> 0.10)
    slop (3.6.0)
    wisper (1.6.1)

PLATFORMS
  ruby

DEPENDENCIES
  carb-core!
  carb-flow!
  carb-inject!
  carb-service!
  pry-byebug

BUNDLED WITH
   1.13.6
